RESTRICTION: == net462
NUGET
  remote: https://www.nuget.org/api/v2
    Antlr3.Runtime (3.5.1)
    CommandLineParser (2.3)
      System.Collections (>= 4.0.11-rc2-24027)
      System.Console (>= 4.0.0-rc2-24027)
      System.Diagnostics.Debug (>= 4.0.11-rc2-24027)
      System.Globalization (>= 4.0.11-rc2-24027)
      System.IO (>= 4.1.0-rc2-24027)
      System.Linq (>= 4.1.0-rc2-24027)
      System.Linq.Expressions (>= 4.0.11-rc2-24027)
      System.Reflection (>= 4.1.0-rc2-24027)
      System.Reflection.Extensions (>= 4.0.1-rc2-24027)
      System.Reflection.TypeExtensions (>= 4.1.0-rc2-24027)
      System.Resources.ResourceManager (>= 4.0.1-rc2-24027)
      System.Runtime (>= 4.1.0-rc2-24027)
      System.Runtime.Extensions (>= 4.1.0-rc2-24027)
    Evolve (1.9)
      Microsoft.DotNet.PlatformAbstractions (>= 1.0.3)
      Microsoft.Extensions.DependencyModel (>= 1.0.3)
      Newtonsoft.Json (>= 9.0.1)
    FluentAssertions (5.4.2)
      System.ValueTuple (>= 4.4)
    FluentNHibernate (2.1.2)
      NHibernate (>= 5.1.1)
    Iesi.Collections (4.0.4)
    log4net (2.0.8)
    Microsoft.AspNet.WebApi (5.2.6)
      Microsoft.AspNet.WebApi.WebHost (>= 5.2.6 < 5.3)
    Microsoft.AspNet.WebApi.Client (5.2.6)
      Newtonsoft.Json (>= 6.0.4)
    Microsoft.AspNet.WebApi.Core (5.2.6)
      Microsoft.AspNet.WebApi.Client (>= 5.2.6)
    Microsoft.AspNet.WebApi.WebHost (5.2.6)
      Microsoft.AspNet.WebApi.Core (>= 5.2.6 < 5.3)
    Microsoft.CodeDom.Providers.DotNetCompilerPlatform (2.0.1)
    Microsoft.DotNet.PlatformAbstractions (2.1)
      System.Runtime.InteropServices.RuntimeInformation (>= 4.0)
    Microsoft.Extensions.DependencyModel (2.1)
      Microsoft.DotNet.PlatformAbstractions (>= 2.1)
      Newtonsoft.Json (>= 9.0.1)
    Newtonsoft.Json (11.0.2)
    NHibernate (5.1.3)
      Antlr3.Runtime (>= 3.5.1 < 4.0)
      Iesi.Collections (>= 4.0.4 < 5.0)
      Remotion.Linq (>= 2.1.2 < 3.0)
      Remotion.Linq.EagerFetching (>= 2.1 < 3.0)
    NServiceBus (7.1.4)
    NServiceBus.Log4Net (3.0)
      log4net (>= 2.0.8 < 3.0)
      NServiceBus (>= 7.0 < 8.0)
    NServiceBus.Persistence.Sql (4.3)
      Newtonsoft.Json (>= 11.0.1 < 12.0)
      NServiceBus (>= 7.0 < 8.0)
      System.Data.SqlClient (>= 4.4.3)
    NServiceBus.SqlServer (4.1)
      NServiceBus (>= 7.0 < 8.0)
      System.Data.SqlClient (>= 4.4.3)
    NServiceBus.StructureMap (7.0)
      NServiceBus (>= 7.0 < 8.0)
      StructureMap (>= 4.3 < 5.0)
    NServiceBus.Testing (7.0)
      NServiceBus (>= 7.0 < 8.0)
    NUnit (3.11)
    Remotion.Linq (2.2)
    Remotion.Linq.EagerFetching (2.2)
      Remotion.Linq (>= 2.2)
    StructureMap (4.7)
      System.Reflection.Emit.Lightweight (>= 4.3)
    System.Collections (4.3)
    System.Console (4.3.1)
    System.Data.SqlClient (4.5.1)
    System.Diagnostics.Debug (4.3)
    System.Globalization (4.3)
    System.IO (4.3)
    System.Linq (4.3)
    System.Linq.Expressions (4.3)
    System.Reflection (4.3)
    System.Reflection.Emit.Lightweight (4.3)
    System.Reflection.Extensions (4.3)
    System.Reflection.TypeExtensions (4.5.1)
    System.Resources.ResourceManager (4.3)
    System.Runtime (4.3)
    System.Runtime.Extensions (4.3)
    System.Runtime.InteropServices.RuntimeInformation (4.3)
    System.ValueTuple (4.5)
    Topshelf (4.1)
    Topshelf.Log4Net (4.1)
      log4net (>= 2.0.8)
      Topshelf (>= 4.1)
